GEM
  remote: https://rubygems.org/
  specs:
    coderay (1.0.9)
    ethon (0.7.1)
      ffi (>= 1.3.0)
    ffi (1.9.6)
    method_source (0.8.1)
    mini_portile (0.6.1)
    minitest (5.5.0)
    minitest-focus (1.1.0)
      minitest (>= 4, < 6)
    nokogiri (1.6.4.1)
      mini_portile (~> 0.6.0)
    pry (0.9.12)
      coderay (~> 1.0.5)
      method_source (~> 0.8)
      slop (~> 3.4)
    rake (10.3.2)
    slop (3.4.4)
    typhoeus (0.6.9)
      ethon (>= 0.7.1)

PLATFORMS
  ruby

DEPENDENCIES
  minitest-focus
  nokogiri
  pry
  rake
  typhoeus
